GEM
  remote: https://rubygems.org/
  specs:
    capistrano (3.4.0)
      i18n
      rake (>= 10.0.0)
      sshkit (~> 1.3)
    eventmachine (0.12.10)
    i18n (0.6.0)
    mime-types (1.25.1)
    net-scp (1.2.1)
      net-ssh (>= 2.6.5)
    net-ssh (2.9.4)
    rake (11.2.2)
    sshkit (1.11.2)
      net-scp (>= 1.1.2)
      net-ssh (>= 2.8.0)
    tilt (1.4.0)

PLATFORMS
  ruby

DEPENDENCIES
  capistrano (= 3.4)
  eventmachine (= 0.12.10)
  i18n (= 0.6)
  mime-types (= 1.25.1)
  net-ssh (~> 2.9.2)
  rake
  tilt (= 1.4)

BUNDLED WITH
   1.13.1
